GEM
  remote: http://rubygems.org/
  specs:
    byebug (9.0.5)
    coderay (1.1.1)
    docile (1.1.5)
    git (1.2.5)
    jeweler (1.6.4)
      bundler (~> 1.0)
      git (>= 1.2.5)
      rake
    json (2.0.2)
    method_source (0.8.2)
    minitest (5.9.0)
    pry (0.10.4)
      coderay (~> 1.1.0)
      method_source (~> 0.8.1)
      slop (~> 3.4)
    pry-byebug (3.4.0)
      byebug (~> 9.0)
      pry (~> 0.10)
    rake (0.9.2.2)
    simplecov (0.12.0)
      docile (~> 1.1.0)
      json (>= 1.8, < 3)
      simplecov-html (~> 0.10.0)
    simplecov-html (0.10.0)
    slop (3.6.0)

PLATFORMS
  ruby

DEPENDENCIES
  bundler
  jeweler (~> 1.6.4)
  minitest
  pry-byebug
  simplecov

BUNDLED WITH
   1.12.5
